GEM
  remote: https://rubygems.org/
  specs:
    aws-sdk (2.9.14)
      aws-sdk-resources (= 2.9.14)
    aws-sdk-core (2.9.14)
      aws-sigv4 (~> 1.0)
      jmespath (~> 1.0)
    aws-sdk-resources (2.9.14)
      aws-sdk-core (= 2.9.14)
    aws-sigv4 (1.0.0)
    cloudformation-ruby-dsl (1.4.6)
      aws-sdk (>= 2.5.1)
      bundler
      detabulator
      diffy
      highline
      json
      rake
    detabulator (0.1.0)
    diffy (3.2.0)
    highline (1.7.8)
    jmespath (1.3.1)
    json (2.1.0)
    rake (12.0.0)

PLATFORMS
  ruby
  x86_64-darwin-17

DEPENDENCIES
  cloudformation-ruby-dsl

BUNDLED WITH
   1.16.3
